GEM
  remote: https://rubygems.org/
  specs:
    optimist (3.0.0)

PLATFORMS
  ruby

DEPENDENCIES
  optimist

RUBY VERSION
   ruby 2.5.0p0

BUNDLED WITH
   1.17.1
